GEM
  remote: https://rubygems.org/
  specs:
    activemodel (5.1.4)
      activesupport (= 5.1.4)
    activesupport (5.1.4)
      concurrent-ruby (~> 1.0, >= 1.0.2)
      i18n (~> 0.7)
      minitest (~> 5.1)
      tzinfo (~> 1.1)
    coderay (1.1.2)
    concurrent-ruby (1.0.5)
    enumerable-lazy (0.0.2)
    erubi (1.6.1)
    httparty (0.15.6)
      multi_xml (>= 0.5.2)
    i18n (0.8.6)
    mail (2.6.6)
      mime-types (>= 1.16, < 4)
    method_source (0.8.2)
    mime-types (2.99.3)
    minitest (5.10.3)
    moneta (0.8.1)
    multi_xml (0.6.0)
    mustermann (1.0.1)
    mustermann19 (0.4.4)
      enumerable-lazy
    padrino (0.14.1.1)
      padrino-admin (= 0.14.1.1)
      padrino-cache (= 0.14.1.1)
      padrino-core (= 0.14.1.1)
      padrino-gen (= 0.14.1.1)
      padrino-helpers (= 0.14.1.1)
      padrino-mailer (= 0.14.1.1)
      padrino-support (= 0.14.1.1)
    padrino-admin (0.14.1.1)
      padrino-core (= 0.14.1.1)
      padrino-helpers (= 0.14.1.1)
    padrino-cache (0.14.1.1)
      moneta (~> 0.8.0)
      padrino-core (= 0.14.1.1)
      padrino-helpers (= 0.14.1.1)
    padrino-core (0.14.1.1)
      mustermann19
      padrino-support (= 0.14.1.1)
      rack-protection (>= 1.5.0)
      sinatra (>= 1.4.6)
      thor (~> 0.18)
    padrino-gen (0.14.1.1)
      bundler (~> 1.0)
      padrino-core (= 0.14.1.1)
    padrino-helpers (0.14.1.1)
      i18n (~> 0.6, >= 0.6.7)
      padrino-support (= 0.14.1.1)
      tilt (>= 1.4.1, < 3)
    padrino-mailer (0.14.1.1)
      mail (~> 2.5)
      mime-types (< 3)
      padrino-core (= 0.14.1.1)
    padrino-support (0.14.1.1)
    pry (0.10.4)
      coderay (~> 1.1.0)
      method_source (~> 0.8.1)
      slop (~> 3.4)
    rack (2.0.3)
    rack-protection (2.0.0)
      rack
    rake (12.1.0)
    sinatra (2.0.0)
      mustermann (~> 1.0)
      rack (~> 2.0)
      rack-protection (= 2.0.0)
      tilt (~> 2.0)
    slop (3.6.0)
    sqlite3 (1.3.13)
    thor (0.20.0)
    thread_safe (0.3.6)
    tilt (2.0.8)
    tzinfo (1.2.3)
      thread_safe (~> 0.1)

PLATFORMS
  ruby

DEPENDENCIES
  activemodel
  erubi (~> 1.6)
  httparty
  padrino (= 0.14.1.1)
  pry
  rake
  sqlite3

BUNDLED WITH
   1.16.0.pre.2
